GIT
  remote: https://github.com/aliahmad22419/spree_print_invoice.git
  revision: c0efe034a7105686608ac83d1bea3dc0a3f74c39
  branch: master
  specs:
    spree_print_invoice (3.0.0.beta)
      prawn-rails (~> 1.3)
      spree_core (>= 3.1.0, < 5.0)
      spree_extension

GIT
  remote: https://github.com/rubyjedi/soap4r.git
  revision: df0fae4cbd2a6e3872e71321abee63f1786c7559
  branch: master
  specs:
    soap4r-ng (2.0.6)

GIT
  remote: https://github.com/spree-contrib/spree_sitemap.git
  revision: 20a0afb3ff6255fcdd7ea8fa7e8a5ee6f9fc6398
  specs:
    spree_sitemap (3.3.1)
      sitemap_generator
      spree_core (>= 3.1.0, < 5.0)
      spree_extension

GIT
  remote: https://github.com/zaintechsembly/spree_gateway.git
  revision: 647b4906cd149c2fbfca8d6bbd8c9aa2e51c94b3
  branch: 3-10-stable
  specs:
    spree_gateway (4.1.3)
      spree_core (>= 3.7.0)
      spree_extension

GEM
  remote: https://rubygems.org/
  specs:
    aasm (5.5.0)
      concurrent-ruby (~> 1.0)
    actioncable (7.2.2)
      actionpack (= 7.2.2)
      activesupport (= 7.2.2)
      nio4r (~> 2.0)
      websocket-driver (>= 0.6.1)
      zeitwerk (~> 2.6)
    actionmailbox (7.2.2)
      actionpack (= 7.2.2)
      activejob (= 7.2.2)
      activerecord (= 7.2.2)
      activestorage (= 7.2.2)
      activesupport (= 7.2.2)
      mail (>= 2.8.0)
    actionmailer (7.2.2)
      actionpack (= 7.2.2)
      actionview (= 7.2.2)
      activejob (= 7.2.2)
      activesupport (= 7.2.2)
      mail (>= 2.8.0)
      rails-dom-testing (~> 2.2)
    actionpack (7.2.2)
      actionview (= 7.2.2)
      activesupport (= 7.2.2)
      nokogiri (>= 1.8.5)
      racc
      rack (>= 2.2.4, < 3.2)
      rack-session (>= 1.0.1)
      rack-test (>= 0.6.3)
      rails-dom-testing (~> 2.2)
      rails-html-sanitizer (~> 1.6)
      useragent (~> 0.16)
    actiontext (7.2.2)
      actionpack (= 7.2.2)
      activerecord (= 7.2.2)
      activestorage (= 7.2.2)
      activesupport (= 7.2.2)
      globalid (>= 0.6.0)
      nokogiri (>= 1.8.5)
    actionview (7.2.2)
      activesupport (= 7.2.2)
      builder (~> 3.1)
      erubi (~> 1.11)
      rails-dom-testing (~> 2.2)
      rails-html-sanitizer (~> 1.6)
    active_model_otp (2.3.4)
      activemodel
      rotp (~> 6.3.0)
    active_storage_validations (1.3.0)
      activejob (>= 6.1.4)
      activemodel (>= 6.1.4)
      activestorage (>= 6.1.4)
      activesupport (>= 6.1.4)
    activejob (7.2.2)
      activesupport (= 7.2.2)
      globalid (>= 0.3.6)
    activemerchant (1.137.0)
      activesupport (>= 4.2)
      builder (>= 2.1.2, < 4.0.0)
      i18n (>= 0.6.9)
      nokogiri (~> 1.4)
      rexml (~> 3.3, >= 3.3.4)
    activemodel (7.2.2)
      activesupport (= 7.2.2)
    activerecord (7.2.2)
      activemodel (= 7.2.2)
      activesupport (= 7.2.2)
      timeout (>= 0.4.0)
    activerecord-typedstore (1.6.0)
      activerecord (>= 6.1)
    activestorage (7.2.2)
      actionpack (= 7.2.2)
      activejob (= 7.2.2)
      activerecord (= 7.2.2)
      activesupport (= 7.2.2)
      marcel (~> 1.0)
    activesupport (7.2.2)
      base64
      benchmark (>= 0.3)
      bigdecimal
      concurrent-ruby (~> 1.0, >= 1.3.1)
      connection_pool (>= 2.2.5)
      drb
      i18n (>= 1.6, < 2)
      logger (>= 1.4.2)
      minitest (>= 5.1)
      securerandom (>= 0.3)
      tzinfo (~> 2.0, >= 2.0.5)
    acts-as-taggable-on (11.0.0)
      activerecord (>= 7.0, < 8.0)
      zeitwerk (>= 2.4, < 3.0)
    acts_as_list (1.2.3)
      activerecord (>= 6.1)
      activesupport (>= 6.1)
    addressable (2.8.7)
      public_suffix (>= 2.0.2, < 7.0)
    adyen-ruby-api-library (4.2.0)
      faraday
    ansi (1.5.0)
    archive-zip (0.12.0)
      io-like (~> 0.3.0)
    asset_sync (2.19.2)
      activemodel (>= 4.1.0)
      fog-core
      mime-types (>= 2.99)
      unf
    ast (2.4.2)
    auto_strip_attributes (2.6.0)
      activerecord (>= 4.0)
    autoprefixer-rails (10.4.19.0)
      execjs (~> 2)
    awesome_nested_set (3.7.0)
      activerecord (>= 4.0.0, < 8.0)
    aws-eventstream (1.3.0)
    aws-partitions (1.1001.0)
    aws-sdk-acm (1.81.0)
      aws-sdk-core (~> 3, >= 3.210.0)
      aws-sigv4 (~> 1.5)
    aws-sdk-core (3.212.0)
      aws-eventstream (~> 1, >= 1.3.0)
      aws-partitions (~> 1, >= 1.992.0)
      aws-sigv4 (~> 1.9)
      jmespath (~> 1, >= 1.6.1)
    aws-sdk-kms (1.95.0)
      aws-sdk-core (~> 3, >= 3.210.0)
      aws-sigv4 (~> 1.5)
    aws-sdk-s3 (1.170.0)
      aws-sdk-core (~> 3, >= 3.210.0)
      aws-sdk-kms (~> 1)
      aws-sigv4 (~> 1.5)
    aws-sdk-ses (1.76.0)
      aws-sdk-core (~> 3, >= 3.210.0)
      aws-sigv4 (~> 1.5)
    aws-sdk-sns (1.90.0)
      aws-sdk-core (~> 3, >= 3.210.0)
      aws-sigv4 (~> 1.5)
    aws-sdk-sqs (1.88.0)
      aws-sdk-core (~> 3, >= 3.210.0)
      aws-sigv4 (~> 1.5)
    aws-sigv4 (1.10.1)
      aws-eventstream (~> 1, >= 1.0.2)
    base64 (0.2.0)
    bcrypt (3.1.20)
    benchmark (0.4.0)
    bigdecimal (3.1.8)
    bindex (0.8.1)
    bootsnap (1.18.4)
      msgpack (~> 1.2)
    bootstrap (4.6.2.1)
      autoprefixer-rails (>= 9.1.0)
      popper_js (>= 1.16.1, < 2)
    brakeman (6.2.2)
      racc
    builder (3.3.0)
    byebug (11.1.3)
    camertron-eprun (1.1.1)
    cancancan (3.6.1)
    capybara (3.40.0)
      addressable
      matrix
      mini_mime (>= 0.1.3)
      nokogiri (~> 1.11)
      rack (>= 1.6.0)
      rack-test (>= 0.6.3)
      regexp_parser (>= 1.5, < 3.0)
      xpath (~> 3.2)
    carmen (1.1.3)
      activesupport (>= 3.0.0)
    childprocess (4.1.0)
    chromedriver-helper (2.1.1)
      archive-zip (~> 0.10)
      nokogiri (~> 1.8)
    cldr-plurals-runtime-rb (1.1.0)
    coderay (1.1.3)
    commander (4.0.5)
      highline (>= 1.5.0)
    concurrent-ruby (1.3.4)
    connection_pool (2.4.1)
    crass (1.0.6)
    csv (3.3.0)
    date (3.4.0)
    debug (1.9.2)
      irb (~> 1.10)
      reline (>= 0.3.8)
    deface (1.9.0)
      actionview (>= 5.2)
      nokogiri (>= 1.6)
      polyglot
      railties (>= 5.2)
      rainbow (>= 2.1.0)
    doorkeeper (5.8.0)
      railties (>= 5)
    dotenv (3.1.4)
    dotenv-rails (3.1.4)
      dotenv (= 3.1.4)
      railties (>= 6.1)
    drb (2.2.1)
    elastic-transport (8.3.5)
      faraday (< 3)
      multi_json
    elasticsearch (8.15.0)
      elastic-transport (~> 8.3)
      elasticsearch-api (= 8.15.0)
    elasticsearch-api (8.15.0)
      multi_json
    erubi (1.13.0)
    et-orbi (1.2.11)
      tzinfo
    exception_notification (4.5.0)
      actionmailer (>= 5.2, < 8)
      activesupport (>= 5.2, < 8)
    excon (1.1.1)
    execjs (2.10.0)
    faraday (2.12.0)
      faraday-net_http (>= 2.0, < 3.4)
      json
      logger
    faraday-net_http (3.3.0)
      net-http
    ffi (1.17.0-arm64-darwin)
    ffi (1.17.0-x86_64-linux-gnu)
    fog-aws (3.29.0)
      base64 (~> 0.2.0)
      fog-core (~> 2.6)
      fog-json (~> 1.1)
      fog-xml (~> 0.1)
    fog-core (2.6.0)
      builder
      excon (~> 1.0)
      formatador (>= 0.2, < 2.0)
      mime-types
    fog-json (1.2.0)
      fog-core
      multi_json (~> 1.10)
    fog-xml (0.1.4)
      fog-core
      nokogiri (>= 1.5.11, < 2.0.0)
    foreman (0.88.1)
    formatador (1.1.0)
    friendly_id (5.4.2)
      activerecord (>= 4.0.0)
    friendly_id-mobility (1.0.4)
      friendly_id (>= 5.0.0, < 5.5)
      mobility (>= 1.0.1, < 2.0)
    fugit (1.11.1)
      et-orbi (~> 1, >= 1.2.11)
      raabro (~> 1.4)
    gibbon (3.5.0)
      faraday (>= 1.0)
      multi_json (>= 1.11.0)
    globalid (1.2.1)
      activesupport (>= 6.1)
    grocer (0.7.1)
    hashie (5.0.0)
    highline (3.1.1)
      reline
    hiredis (0.6.3)
    httparty (0.22.0)
      csv
      mini_mime (>= 1.0.0)
      multi_xml (>= 0.5.2)
    i18n (1.14.6)
      concurrent-ruby (~> 1.0)
    image_processing (1.13.0)
      mini_magick (>= 4.9.5, < 5)
      ruby-vips (>= 2.0.17, < 3)
    io-console (0.7.2)
    io-like (0.3.1)
    irb (1.14.1)
      rdoc (>= 4.0.0)
      reline (>= 0.4.2)
    jbuilder (2.13.0)
      actionview (>= 5.0.0)
      activesupport (>= 5.0.0)
    jmespath (1.6.2)
    jsbundling-rails (1.3.1)
      railties (>= 6.0.0)
    json (2.8.1)
    jsonapi-serializer (2.2.0)
      activesupport (>= 4.2)
    kaminari (1.2.2)
      activesupport (>= 4.1.0)
      kaminari-actionview (= 1.2.2)
      kaminari-activerecord (= 1.2.2)
      kaminari-core (= 1.2.2)
    kaminari-actionview (1.2.2)
      actionview
      kaminari-core (= 1.2.2)
    kaminari-activerecord (1.2.2)
      activerecord
      kaminari-core (= 1.2.2)
    kaminari-core (1.2.2)
    language_server-protocol (3.17.0.3)
    launchy (2.5.2)
      addressable (~> 2.8)
    letter_opener (1.10.0)
      launchy (>= 2.2, < 4)
    listen (3.9.0)
      rb-fsevent (~> 0.10, >= 0.10.3)
      rb-inotify (~> 0.9, >= 0.9.10)
    logger (1.6.1)
    loofah (2.23.1)
      crass (~> 1.0.2)
      nokogiri (>= 1.12.0)
    mail (2.8.1)
      mini_mime (>= 0.1.1)
      net-imap
      net-pop
      net-smtp
    marcel (1.0.4)
    matrix (0.4.2)
    method_source (1.1.0)
    mime-types (3.6.0)
      logger
      mime-types-data (~> 3.2015)
    mime-types-data (3.2024.1105)
    mini_magick (4.13.2)
    mini_mime (1.1.5)
    minitest (5.25.1)
    mobility (1.2.9)
      i18n (>= 0.6.10, < 2)
      request_store (~> 1.0)
    mobility-ransack (1.2.2)
      mobility (>= 1.0.1, < 2.0)
      ransack (>= 1.8.0, < 5.0)
    monetize (1.13.0)
      money (~> 6.12)
    money (6.19.0)
      i18n (>= 0.6.4, <= 2)
    msgpack (1.7.3)
    multi_json (1.15.0)
    multi_xml (0.7.1)
      bigdecimal (~> 3.1)
    net-http (0.5.0)
      uri
    net-imap (0.5.0)
      date
      net-protocol
    net-pop (0.1.2)
      net-protocol
    net-protocol (0.2.2)
      timeout
    net-sftp (4.0.0)
      net-ssh (>= 5.0.0, < 8.0.0)
    net-smtp (0.5.0)
      net-protocol
    net-ssh (7.3.0)
    nio4r (2.7.4)
    nokogiri (1.16.7-arm64-darwin)
      racc (~> 1.4)
    nokogiri (1.16.7-x86_64-linux)
      racc (~> 1.4)
    oga (3.4)
      ast
      ruby-ll (~> 2.1)
    parallel (1.26.3)
    paranoia (3.0.0)
      activerecord (>= 6, < 8.1)
    parser (3.3.6.0)
      ast (~> 2.4.1)
      racc
    passbook (0.4.4)
      commander
      grocer
      rubyzip (>= 1.0.0)
      terminal-table
    pdf-core (0.10.0)
    pg (1.5.9)
    polyglot (0.3.5)
    popper_js (1.16.1)
    prawn (2.5.0)
      matrix (~> 0.4)
      pdf-core (~> 0.10.0)
      ttfunk (~> 1.8)
    prawn-html (0.7.1)
      oga (~> 3.3)
      prawn (~> 2.4)
    prawn-rails (1.5.0)
      actionview (>= 3.1.0)
      activesupport (>= 3.1.0)
      prawn
      prawn-table
    prawn-rtl-support (0.1.7)
      prawn (~> 2.2)
      twitter_cldr (>= 4.0, < 7.0)
    prawn-table (0.2.2)
      prawn (>= 1.3.0, < 3.0.0)
    pry (0.14.2)
      coderay (~> 1.1)
      method_source (~> 1.0)
    pry-rails (0.3.11)
      pry (>= 0.13.0)
    psych (3.3.4)
    public_suffix (6.0.1)
    puma (6.4.3)
      nio4r (~> 2.0)
    raabro (1.4.0)
    rabl (0.16.1)
      activesupport (>= 2.3.14)
    racc (1.8.1)
    rack (3.1.8)
    rack-cors (2.0.2)
      rack (>= 2.0.0)
    rack-session (2.0.0)
      rack (>= 3.0.0)
    rack-test (2.1.0)
      rack (>= 1.3)
    rackup (2.2.0)
      rack (>= 3)
    rails (7.2.2)
      actioncable (= 7.2.2)
      actionmailbox (= 7.2.2)
      actionmailer (= 7.2.2)
      actionpack (= 7.2.2)
      actiontext (= 7.2.2)
      actionview (= 7.2.2)
      activejob (= 7.2.2)
      activemodel (= 7.2.2)
      activerecord (= 7.2.2)
      activestorage (= 7.2.2)
      activesupport (= 7.2.2)
      bundler (>= 1.15.0)
      railties (= 7.2.2)
    rails-dom-testing (2.2.0)
      activesupport (>= 5.0.0)
      minitest
      nokogiri (>= 1.6)
    rails-html-sanitizer (1.6.0)
      loofah (~> 2.21)
      nokogiri (~> 1.14)
    railties (7.2.2)
      actionpack (= 7.2.2)
      activesupport (= 7.2.2)
      irb (~> 1.13)
      rackup (>= 1.0.0)
      rake (>= 12.2)
      thor (~> 1.0, >= 1.2.2)
      zeitwerk (~> 2.6)
    rainbow (3.1.1)
    rake (13.2.1)
    ransack (4.1.1)
      activerecord (>= 6.1.5)
      activesupport (>= 6.1.5)
      i18n
    rb-fsevent (0.11.2)
    rb-inotify (0.11.1)
      ffi (~> 1.0)
    rdoc (6.3.4.1)
    redis (5.3.0)
      redis-client (>= 0.22.0)
    redis-client (0.22.2)
      connection_pool
    regexp_parser (2.9.2)
    reline (0.5.10)
      io-console (~> 0.5)
    request_store (1.7.0)
      rack (>= 1.4)
    responders (3.1.1)
      actionpack (>= 5.2)
      railties (>= 5.2)
    rexml (3.3.9)
    rollbar (3.6.0)
    rotp (6.3.0)
    rubocop (1.68.0)
      json (~> 2.3)
      language_server-protocol (>= 3.17.0)
      parallel (~> 1.10)
      parser (>= 3.3.0.2)
      rainbow (>= 2.2.2, < 4.0)
      regexp_parser (>= 2.4, < 3.0)
      rubocop-ast (>= 1.32.2, < 2.0)
      ruby-progressbar (~> 1.7)
      unicode-display_width (>= 2.4.0, < 3.0)
    rubocop-ast (1.34.0)
      parser (>= 3.3.1.0)
    rubocop-minitest (0.36.0)
      rubocop (>= 1.61, < 2.0)
      rubocop-ast (>= 1.31.1, < 2.0)
    rubocop-performance (1.22.1)
      rubocop (>= 1.48.1, < 2.0)
      rubocop-ast (>= 1.31.1, < 2.0)
    rubocop-rails (2.27.0)
      activesupport (>= 4.2.0)
      rack (>= 1.1)
      rubocop (>= 1.52.0, < 2.0)
      rubocop-ast (>= 1.31.1, < 2.0)
    rubocop-rails-omakase (1.0.0)
      rubocop
      rubocop-minitest
      rubocop-performance
      rubocop-rails
    ruby-ll (2.1.3)
      ansi
      ast
    ruby-progressbar (1.13.0)
    ruby-vips (2.2.2)
      ffi (~> 1.12)
      logger
    rubyzip (2.3.2)
    sass (3.7.4)
      sass-listen (~> 4.0.0)
    sass-listen (4.0.0)
      rb-fsevent (~> 0.9, >= 0.9.4)
      rb-inotify (~> 0.9, >= 0.9.7)
    sass-rails (6.0.0)
      sassc-rails (~> 2.1, >= 2.1.1)
    sassc (2.4.0)
      ffi (~> 1.9)
    sassc-rails (2.1.2)
      railties (>= 4.0.0)
      sassc (>= 2.0)
      sprockets (> 3.0)
      sprockets-rails
      tilt
    searchkick (5.4.0)
      activemodel (>= 6.1)
      hashie
    securerandom (0.3.1)
    selenium-webdriver (4.0.0)
      childprocess (>= 0.5, < 5.0)
      rexml (~> 3.2, >= 3.2.5)
      rubyzip (>= 1.2.2)
    sidekiq (7.3.5)
      connection_pool (>= 2.3.0)
      logger
      rack (>= 2.2.4)
      redis-client (>= 0.22.2)
    sidekiq-cron (1.12.0)
      fugit (~> 1.8)
      globalid (>= 1.0.1)
      sidekiq (>= 6)
    sitemap_generator (6.3.0)
      builder (~> 3.0)
    spree (4.10.1)
      spree_api (= 4.10.1)
      spree_cli (= 4.10.1)
      spree_core (= 4.10.1)
    spree_api (4.10.1)
      bcrypt (~> 3.1)
      doorkeeper (~> 5.3)
      jsonapi-serializer (~> 2.1)
      spree_core (= 4.10.1)
    spree_api_v1 (4.5.0)
      rabl (~> 0.14, >= 0.14.2)
      responders
      spree (>= 4.4.0.rc1)
      spree_extension
    spree_cli (4.10.1)
      thor (~> 1.0)
    spree_core (4.10.1)
      actionpack (>= 6.1, < 8.0)
      actionview (>= 6.1, < 8.0)
      active_storage_validations (~> 1.1)
      activejob (>= 6.1, < 8.0)
      activemerchant (~> 1.67)
      activemodel (>= 6.1, < 8.0)
      activerecord (>= 6.1, < 8.0)
      activerecord-typedstore
      activestorage (>= 6.1, < 8.0)
      activesupport (>= 6.1, < 8.0)
      acts_as_list (>= 0.8)
      auto_strip_attributes (~> 2.6)
      awesome_nested_set (~> 3.3, >= 3.3.1)
      cancancan (~> 3.2)
      carmen (>= 1.0)
      friendly_id (~> 5.2, >= 5.2.1)
      friendly_id-mobility (~> 1.0)
      highline (>= 2, < 4)
      image_processing (~> 1.2)
      kaminari (~> 1.2)
      mobility (~> 1.2)
      mobility-ransack (~> 1.2)
      monetize (~> 1.9)
      money (~> 6.13)
      paranoia (>= 2.4)
      railties (>= 6.1, < 8.0)
      ransack (>= 4.1)
      request_store (~> 1.7)
      rexml
      state_machines-activemodel (~> 0.7)
      state_machines-activerecord (~> 0.6)
      stringex
      tracking_number
      validates_zipcode
    spree_extension (0.1.0)
      activerecord (>= 4.2)
      spree_core
    spring (2.1.1)
    spring-watcher-listen (2.0.1)
      listen (>= 2.7, < 4.0)
      spring (>= 1.2, < 3.0)
    sprockets (4.2.1)
      concurrent-ruby (~> 1.0)
      rack (>= 2.2.4, < 4)
    sprockets-rails (3.5.2)
      actionpack (>= 6.1)
      activesupport (>= 6.1)
      sprockets (>= 3.0.0)
    state_machines (0.6.0)
    state_machines-activemodel (0.9.0)
      activemodel (>= 6.0)
      state_machines (>= 0.6.0)
    state_machines-activerecord (0.9.0)
      activerecord (>= 6.0)
      state_machines-activemodel (>= 0.9.0)
    stimulus-rails (1.3.4)
      railties (>= 6.0.0)
    stringex (2.8.6)
    stripe (13.1.1)
    terminal-table (3.0.2)
      unicode-display_width (>= 1.1.1, < 3)
    thor (1.3.2)
    tilt (2.4.0)
    timeout (0.4.2)
    tracking_number (2.0.1)
      activesupport (>= 4.2.5)
      json (>= 1.8.3)
    ttfunk (1.8.0)
      bigdecimal (~> 3.1)
    turbo-rails (2.0.11)
      actionpack (>= 6.0.0)
      railties (>= 6.0.0)
    twitter_cldr (6.12.1)
      camertron-eprun
      cldr-plurals-runtime-rb (~> 1.1)
      tzinfo
    tzinfo (2.0.6)
      concurrent-ruby (~> 1.0)
    unf (0.2.0)
    unicode-display_width (2.6.0)
    uri (1.0.0)
    useragent (0.16.10)
    validates_zipcode (0.5.3)
      activemodel (>= 4.2.0)
    web-console (4.2.1)
      actionview (>= 6.0.0)
      activemodel (>= 6.0.0)
      bindex (>= 0.4.0)
      railties (>= 6.0.0)
    websocket-driver (0.7.6)
      websocket-extensions (>= 0.1.0)
    websocket-extensions (0.1.5)
    xpath (3.2.0)
      nokogiri (~> 1.8)
    zeitwerk (2.7.1)

PLATFORMS
  arm64-darwin-24
  x86_64-linux

DEPENDENCIES
  aasm
  active_model_otp
  acts-as-taggable-on
  acts_as_list (~> 1.2.3)
  adyen-ruby-api-library (= 4.2)
  asset_sync
  aws-sdk-acm
  aws-sdk-s3
  aws-sdk-ses
  aws-sdk-sns
  aws-sdk-sqs
  bootsnap
  bootstrap
  brakeman
  byebug
  capybara (>= 2.15)
  chromedriver-helper
  debug
  deface
  dotenv-rails
  elasticsearch
  exception_notification
  excon
  fog-aws
  foreman
  gibbon
  hiredis
  httparty
  jbuilder
  jsbundling-rails
  letter_opener
  listen
  net-sftp
  passbook
  pg (~> 1.1)
  prawn-html
  prawn-rtl-support (~> 0.1.7)
  pry-rails
  psych (< 4)
  puma (>= 5.0)
  rack-cors
  rails (~> 7.2.2)
  ransack (= 4.1.1)
  redis
  rollbar
  rubocop-rails-omakase
  sass (~> 3.7, >= 3.7.4)
  sass-rails (~> 6.0)
  searchkick (= 5.4.0)
  selenium-webdriver (= 4.0.0)
  sidekiq
  sidekiq-cron (~> 1.1)
  soap4r-ng!
  spree (= 4.10.1)
  spree_api_v1
  spree_gateway (= 4.1.3)!
  spree_print_invoice!
  spree_sitemap!
  spring
  spring-watcher-listen (~> 2.0.0)
  sprockets-rails
  stimulus-rails
  stripe
  turbo-rails
  tzinfo-data
  web-console

RUBY VERSION
   ruby 3.3.2p78

BUNDLED WITH
   2.5.9
